GEM
  remote: https://rubygems.org/
  specs:
    addressable (2.3.7)
    autoprefixer-rails (5.1.5)
      execjs
      json
    bootstrap-sass (3.1.1.1)
      sass (~> 3.2)
    breakpoint (2.5.0)
      sass (~> 3.3)
      sassy-maps (< 1.0.0)
    chunky_png (1.3.3)
    color-schemer (0.2.8)
      compass-blend-modes (~> 0.0.2)
    compass (1.0.3)
      chunky_png (~> 1.2)
      compass-core (~> 1.0.2)
      compass-import-once (~> 1.0.5)
      rb-fsevent (>= 0.9.3)
      rb-inotify (>= 0.9)
      sass (>= 3.3.13, < 3.5)
    compass-aurora (3.0.8)
      bundler (>= 1.3.5)
      compass (>= 0.12.2)
      compass-normalize (>= 1.4.3)
      css_parser (>= 1.3.4)
      sassy-buttons (>= 0.2.0)
      toolkit (>= 1.2.2)
    compass-blend-modes (0.0.2)
      compass
    compass-core (1.0.3)
      multi_json (~> 1.0)
      sass (>= 3.3.0, < 3.5)
    compass-import-once (1.0.5)
      sass (>= 3.2, < 3.5)
    compass-normalize (1.5)
      compass (>= 0.12.0)
    compass-recipes (0.3.0)
      compass (>= 0.12.2)
      compass-normalize (>= 1.3)
      sass (>= 3.2.1)
    css_parser (1.3.6)
      addressable
    execjs (2.3.0)
    ffi (1.9.6-x64-mingw32)
    json (1.8.2)
    modular-scale (2.0.6)
      compass (>= 0.12.0)
    multi_json (1.10.1)
    rb-fsevent (0.9.4)
    rb-inotify (0.9.5)
      ffi (>= 0.5.0)
    sass (3.4.12)
    sassy-buttons (0.2.6)
      compass (>= 0.12.2)
    sassy-maps (0.4.0)
      sass (~> 3.3)
    singularitygs (1.5.1)
      breakpoint (~> 2.4)
      sass (~> 3.3)
    toolkit (2.7.0)
      sass (~> 3.3)

PLATFORMS
  x64-mingw32

DEPENDENCIES
  autoprefixer-rails
  bootstrap-sass (~> 3.1.1)
  breakpoint (< 3.0.0)
  color-schemer
  compass (< 1.0.6)
  compass-aurora (< 4.0.0)
  compass-normalize (< 2.0.0)
  compass-recipes (< 1.3.0)
  css_parser (~> 1.3.4)
  modular-scale
  sass
  sassy-buttons (< 1.0.0)
  singularitygs (< 2.0.0)
  toolkit (= 2.7.0)
